GEM
  remote: https://rubygems.org/
  specs:
    builder (3.2.4)
    feedbag (1.0.0)
      nokogiri (~> 1.8, >= 1.8.2)
    mini_portile2 (2.8.8)
    nokogiri (1.15.7)
      mini_portile2 (~> 2.8.2)
      racc (~> 1.4)
    racc (1.8.1)

PLATFORMS
  ruby

DEPENDENCIES
  builder
  feedbag (>= 0.10.2)
  nokogiri (>= 1.15.7)

BUNDLED WITH
   2.1.4
